PATH
  remote: .
  specs:
    bannerbear (0.1.4)
      httparty

GEM
  remote: https://rubygems.org/
  specs:
    httparty (0.20.0)
      mime-types (~> 3.0)
      multi_xml (>= 0.5.2)
    mime-types (3.4.1)
      mime-types-data (~> 3.2015)
    mime-types-data (3.2022.0105)
    multi_xml (0.6.0)
    rake (12.3.3)

PLATFORMS
  ruby

DEPENDENCIES
  bannerbear!
  rake (~> 12.0)

BUNDLED WITH
   2.1.4
